GEM
  remote: https://rubygems.org/
  specs:
    activesupport (4.0.2)
      i18n (~> 0.6, >= 0.6.4)
      minitest (~> 4.2)
      multi_json (~> 1.3)
      thread_safe (~> 0.1)
      tzinfo (~> 0.3.37)
    atomic (1.1.14)
    blankslate (2.1.2.4)
    celluloid (0.16.0)
      timers (~> 4.0.0)
    classifier-reborn (2.0.1)
      fast-stemmer (~> 1.0)
    coderay (1.1.0)
    coffee-script (2.3.0)
      coffee-script-source
      execjs
    coffee-script-source (1.8.0)
    colorator (0.1)
    execjs (2.2.2)
    fast-stemmer (1.0.2)
    ffi (1.9.6)
    hitimes (1.2.2)
    i18n (0.6.9)
    jekyll (2.4.0)
      classifier-reborn (~> 2.0)
      colorator (~> 0.1)
      jekyll-coffeescript (~> 1.0)
      jekyll-gist (~> 1.0)
      jekyll-paginate (~> 1.0)
      jekyll-sass-converter (~> 1.0)
      jekyll-watch (~> 1.1)
      kramdown (~> 1.3)
      liquid (~> 2.6.1)
      mercenary (~> 0.3.3)
      pygments.rb (~> 0.6.0)
      redcarpet (~> 3.1)
      safe_yaml (~> 1.0)
      toml (~> 0.1.0)
    jekyll-coffeescript (1.0.1)
      coffee-script (~> 2.2)
    jekyll-gist (1.1.0)
    jekyll-minibundle (1.4.4)
    jekyll-paginate (1.1.0)
    jekyll-sass-converter (1.2.1)
      sass (~> 3.2)
    jekyll-watch (1.1.1)
      listen (~> 2.7)
    kramdown (1.3.1)
    liquid (2.6.1)
    listen (2.7.11)
      celluloid (>= 0.15.2)
      rb-fsevent (>= 0.9.3)
      rb-inotify (>= 0.9)
    maruku (0.7.2)
    mercenary (0.3.4)
    minitest (4.7.5)
    multi_json (1.8.4)
    parslet (1.5.0)
      blankslate (~> 2.0)
    posix-spawn (0.3.9)
    pygments.rb (0.6.0)
      posix-spawn (~> 0.3.6)
      yajl-ruby (~> 1.1.0)
    rake (10.1.1)
    rb-fsevent (0.9.4)
    rb-inotify (0.9.5)
      ffi (>= 0.5.0)
    redcarpet (3.2.0)
    safe_yaml (1.0.4)
    sass (3.4.6)
    thor (0.18.1)
    thread_safe (0.1.3)
      atomic
    timers (4.0.1)
      hitimes
    toml (0.1.2)
      parslet (~> 1.5.0)
    tzinfo (0.3.38)
    yajl-ruby (1.1.0)

PLATFORMS
  ruby

DEPENDENCIES
  activesupport
  coderay
  jekyll
  jekyll-minibundle
  kramdown
  maruku
  rake
  redcarpet
  thor
